GEM
  remote: https://rubygems.org/
  specs:
    test-unit (2.5.5)

PLATFORMS
  ruby

DEPENDENCIES
  test-unit (>= 2.0)
